GEM
  remote: https://rubygems.org/
  specs:
    addressable (2.3.6)
    backports (3.6.4)
    chunky_png (1.3.3)
    coffee-script (2.3.0)
      coffee-script-source
      execjs
    coffee-script-source (1.8.0)
    compass (1.0.1)
      chunky_png (~> 1.2)
      compass-core (~> 1.0.1)
      compass-import-once (~> 1.0.5)
      rb-fsevent (>= 0.9.3)
      rb-inotify (>= 0.9)
      sass (>= 3.3.13, < 3.5)
    compass-core (1.0.1)
      multi_json (~> 1.0)
      sass (>= 3.3.0, < 3.5)
    compass-import-once (1.0.5)
      sass (>= 3.2, < 3.5)
    daemons (1.1.9)
    eventmachine (1.0.3)
    excon (0.42.1)
    execjs (2.2.2)
    ffi (1.9.6)
    haml (4.0.6)
      tilt
    heroku (3.17.1)
      heroku-api (~> 0.3.19)
      launchy (>= 0.3.2)
      multi_json (~> 1.10.1)
      netrc (~> 0.7.7)
      rest-client (= 1.6.7)
      rubyzip (= 0.9.9)
    heroku-api (0.3.21)
      excon (~> 0.38)
      multi_json (~> 1.8)
    launchy (2.4.3)
      addressable (~> 2.3)
    mime-types (2.4.3)
    multi_json (1.10.1)
    netrc (0.7.9)
    rack (1.5.2)
    rack-protection (1.5.3)
      rack
    rack-test (0.6.2)
      rack (>= 1.0)
    rb-fsevent (0.9.4)
    rb-inotify (0.9.5)
      ffi (>= 0.5.0)
    rest-client (1.6.7)
      mime-types (>= 1.16)
    rubyzip (0.9.9)
    sass (3.4.9)
    sinatra (1.4.5)
      rack (~> 1.4)
      rack-protection (~> 1.4)
      tilt (~> 1.3, >= 1.3.4)
    sinatra-contrib (1.4.2)
      backports (>= 2.0)
      multi_json
      rack-protection
      rack-test
      sinatra (~> 1.4.0)
      tilt (~> 1.3)
    thin (1.6.3)
      daemons (~> 1.0, >= 1.0.9)
      eventmachine (~> 1.0)
      rack (~> 1.0)
    tilt (1.4.1)

PLATFORMS
  ruby

DEPENDENCIES
  coffee-script
  compass
  haml
  heroku
  sass
  sinatra
  sinatra-contrib
  thin
